GEM
  remote: https://rubygems.org/
  specs:
    crack (0.4.3)
      safe_yaml (~> 1.0.0)
    firebase (0.2.6)
      httpclient
      json
    httparty (0.14.0)
      multi_xml (>= 0.5.2)
    httpclient (2.8.1)
    json (2.0.2)
    multi_xml (0.5.5)
    rack (1.6.4)
    rack-protection (1.5.3)
      rack
    safe_yaml (1.0.4)
    sinatra (1.4.7)
      rack (~> 1.5)
      rack-protection (~> 1.4)
      tilt (>= 1.3, < 3)
    tilt (2.0.5)

PLATFORMS
  ruby

DEPENDENCIES
  crack
  firebase
  httparty
  json
  sinatra

BUNDLED WITH
   1.12.5
